GEM
  remote: https://rubygems.org/
  specs:
    base64 (0.2.0)
    jwt (2.8.1)
      base64

PLATFORMS
  arm64-darwin-23
  ruby

DEPENDENCIES
  jwt

BUNDLED WITH
   2.5.9
